PATH
  remote: .
  specs:
    cocoatalk (0.0.3)

GEM
  remote: https://rubygems.org/
  specs:
    diff-lcs (1.2.5)
    multi_json (1.9.3)
    rake (10.3.1)
    rspec (2.14.1)
      rspec-core (~> 2.14.0)
      rspec-expectations (~> 2.14.0)
      rspec-mocks (~> 2.14.0)
    rspec-core (2.14.8)
    rspec-expectations (2.14.5)
      diff-lcs (>= 1.1.3, < 2.0)
    rspec-mocks (2.14.6)
    simplecov (0.7.1)
      multi_json (~> 1.0)
      simplecov-html (~> 0.7.1)
    simplecov-html (0.7.1)

PLATFORMS
  ruby

DEPENDENCIES
  bundler (~> 1.5)
  cocoatalk!
  rake
  rspec
  simplecov (~> 0.7.1)
